FRAMEWORK: NET45
NUGET
  remote: https://www.nuget.org/api/v2
    FSharp.Core (3.1.2.5)
