NUGET
  remote: https://www.nuget.org/api/v2
  specs:
    FParsec (1.0.2) - framework: >= net45
    FSharp.Core (3.1.2.5) - framework: >= net45
    PPrint (1.4.5) - framework: >= net45
      FSharp.Core (>= 3.1.2.5)
