NUGET
  remote: https://nuget.org/api/v2
  specs:
    FParsec (1.0.2) - framework: >= net45
    FSharp.Core (4.0.0.1) - framework: >= net45
    PPrint (1.4.3) - framework: >= net45
      FSharp.Core (>= 4.0.0.1)
